GEM
  remote: http://rubygems.org/
  specs:
    addressable (2.3.5)
    daemons (1.1.9)
    eventmachine (1.0.3)
    excon (0.31.0)
    heroku (3.2.4)
      heroku-api (~> 0.3.17)
      launchy (>= 0.3.2)
      netrc (~> 0.7.7)
      rest-client (~> 1.6.1)
      rubyzip
    heroku-api (0.3.17)
      excon (~> 0.27)
      multi_json (~> 1.8.2)
    launchy (2.4.2)
      addressable (~> 2.3)
    mime-types (2.1)
    multi_json (1.8.4)
    netrc (0.7.7)
    rack (1.5.2)
    rest-client (1.6.7)
      mime-types (>= 1.16)
    rubyzip (1.1.0)
    sinatra (1.1.0)
      rack (~> 1.1)
      tilt (~> 1.1)
    thin (1.2.7)
      daemons (>= 1.0.9)
      eventmachine (>= 0.12.6)
      rack (>= 1.0.0)
    tilt (1.4.1)

PLATFORMS
  ruby

DEPENDENCIES
  heroku
  sinatra (= 1.1.0)
  thin (= 1.2.7)
